GEM
  remote: https://rubygems.org/
  specs:
    azure_mgmt_compute (0.1.1)
      concurrent-ruby (>= 1.0.0.pre1, < 2)
      faraday (~> 0.9)
      faraday-cookie_jar (~> 0.0.6)
      json (~> 1.8)
      ms_rest_azure (~> 0.1)
    concurrent-ruby (1.0.0.pre4)
    domain_name (0.5.25)
      unf (>= 0.0.5, < 1.0.0)
    faraday (0.9.2)
      multipart-post (>= 1.2, < 3)
    faraday-cookie_jar (0.0.6)
      faraday (>= 0.7.4)
      http-cookie (~> 1.0.0)
    http-cookie (1.0.2)
      domain_name (~> 0.5)
    json (1.8.3)
    ms_rest (0.1.1)
      concurrent-ruby (>= 1.0.0.pre1, < 2)
      faraday (~> 0.9.1)
      json (~> 1.8.3)
      timeliness (~> 0.3.7)
    ms_rest_azure (0.1.1)
      concurrent-ruby (>= 1.0.0.pre1, < 2)
      faraday (~> 0.9.1)
      faraday-cookie_jar (~> 0.0.6)
      json (~> 1.8.3)
      ms_rest (~> 0.1.0)
    multipart-post (2.0.0)
    timeliness (0.3.7)
    unf (0.1.4)
      unf_ext
    unf_ext (0.0.7.1)

PLATFORMS
  ruby

DEPENDENCIES
  azure_mgmt_compute
